PATH
  remote: .
  specs:
    require_env (1.2.0)
      safe_yaml (~> 1.0)

GEM
  remote: https://rubygems.org/
  specs:
    activesupport (4.2.9)
      i18n (~> 0.7)
      minitest (~> 5.1)
      thread_safe (~> 0.3, >= 0.3.4)
      tzinfo (~> 1.1)
    docile (1.1.5)
    i18n (0.8.4)
    json (2.1.0)
    minitest (5.10.2)
    rake (12.0.0)
    safe_yaml (1.0.4)
    simplecov (0.14.1)
      docile (~> 1.1.0)
      json (>= 1.8, < 3)
      simplecov-html (~> 0.10.0)
    simplecov-html (0.10.1)
    thread_safe (0.3.6)
    tzinfo (1.2.3)
      thread_safe (~> 0.1)

PLATFORMS
  ruby

DEPENDENCIES
  activesupport (~> 4.0)
  rake (>= 0.9)
  require_env!
  simplecov

BUNDLED WITH
   1.14.6
